PATH
  remote: .
  specs:
    awesomekit (0.0.7)
      awesome_print (~> 1.7, >= 1.7.0)
      httparty (~> 0.14.0)
      thor (~> 0.19.1)

GEM
  remote: https://rubygems.org/
  specs:
    addressable (2.4.0)
    awesome_print (1.7.0)
    crack (0.4.3)
      safe_yaml (~> 1.0.0)
    diff-lcs (1.2.5)
    hashdiff (0.3.0)
    httparty (0.14.0)
      multi_xml (>= 0.5.2)
    multi_xml (0.5.5)
    rspec (3.4.0)
      rspec-core (~> 3.4.0)
      rspec-expectations (~> 3.4.0)
      rspec-mocks (~> 3.4.0)
    rspec-core (3.4.4)
      rspec-support (~> 3.4.0)
    rspec-expectations (3.4.0)
      diff-lcs (>= 1.2.0, < 2.0)
      rspec-support (~> 3.4.0)
    rspec-mocks (3.4.1)
      diff-lcs (>= 1.2.0, < 2.0)
      rspec-support (~> 3.4.0)
    rspec-support (3.4.1)
    safe_yaml (1.0.4)
    thor (0.19.1)
    vcr (2.9.3)
    webmock (1.24.6)
      addressable (>= 2.3.6)
      crack (>= 0.3.2)
      hashdiff

PLATFORMS
  ruby

DEPENDENCIES
  awesomekit!
  rspec (~> 3.3, >= 3.3.0)
  vcr (~> 2.9, >= 2.9.3)
  webmock (~> 1.21, >= 1.21.0)

BUNDLED WITH
   1.11.2
