GEM
  remote: http://rubygems.org/
  specs:
    byebug (9.0.5)
    httparty (0.14.0)
      multi_xml (>= 0.5.2)
    multi_xml (0.5.5)
    thor (0.19.1)

PLATFORMS
  ruby

DEPENDENCIES
  byebug
  httparty
  thor

BUNDLED WITH
   1.11.2
